PATH
  remote: .
  specs:
    Shinka (0.1.0)

GEM
  remote: https://rubygems.org/
  specs:
    diff-lcs (1.4.4)
    equatable (0.6.1)
    necromancer (0.6.0)
    pastel (0.8.0)
      tty-color (~> 0.5)
    rake (12.3.3)
    rspec (3.9.0)
      rspec-core (~> 3.9.0)
      rspec-expectations (~> 3.9.0)
      rspec-mocks (~> 3.9.0)
    rspec-core (3.9.2)
      rspec-support (~> 3.9.3)
    rspec-expectations (3.9.2)
      diff-lcs (>= 1.2.0, < 2.0)
      rspec-support (~> 3.9.0)
    rspec-mocks (3.9.1)
      diff-lcs (>= 1.2.0, < 2.0)
      rspec-support (~> 3.9.0)
    rspec-support (3.9.3)
    strings-ansi (0.1.0)
    thor (1.0.1)
    tty (0.1.0)
    tty-color (0.5.2)
    tty-cursor (0.7.1)
    tty-option (0.1.0)
    tty-progressbar (0.17.0)
      strings-ansi (~> 0.1.0)
      tty-cursor (~> 0.7)
      tty-screen (~> 0.7)
      unicode-display_width (~> 1.6)
    tty-prompt (0.22.0)
      pastel (~> 0.8)
      tty-reader (~> 0.8)
    tty-reader (0.8.0)
      tty-cursor (~> 0.7)
      tty-screen (~> 0.8)
      wisper (~> 2.0)
    tty-screen (0.8.1)
    tty-table (0.3.0)
      equatable (~> 0.5)
      necromancer (~> 0.3)
      pastel (~> 0.4)
      tty-screen (~> 0.2)
      unicode_utils (~> 1.4.0)
      verse (~> 0.4)
    unicode-display_width (1.7.0)
    unicode_utils (1.4.0)
    verse (0.4.0)
      unicode_utils (~> 1.4.0)
    version_sorter (2.2.4)
    wisper (2.0.1)

PLATFORMS
  ruby

DEPENDENCIES
  Shinka!
  pastel
  rake (~> 12.0)
  rspec (~> 3.0)
  thor
  tty
  tty-option (~> 0.1)
  tty-progressbar (~> 0.17)
  tty-prompt (~> 0.21)
  tty-table
  version_sorter

BUNDLED WITH
   1.17.3
